GEM
  remote: https://rubygems.org/
  specs:
    rake (10.4.2)
    slop (3.6.0)

PLATFORMS
  ruby

DEPENDENCIES
  rake
  slop (~> 3.6.0)
