GEM
  remote: https://rubygems.org/
  specs:
    json (1.8.2)
    minitest (5.5.1)
    rake (10.4.2)
    slop (3.6.0)

PLATFORMS
  ruby

DEPENDENCIES
  json
  minitest
  rake
  slop (~> 3.6.0)
