GEM
  remote: http://rubygems.org/
  specs:
    ffi (1.9.8)
    libyajl2 (1.2.0)
    yajl-ffi (0.1.2)
      ffi (~> 1.9)
    yajl-ruby (1.2.1)

PLATFORMS
  ruby

DEPENDENCIES
  libyajl2 (~> 1.2)
  yajl-ffi
  yajl-ruby
